GEM
  remote: https://rubygems.org/
  specs:
    columnize (0.3.6)
    debugger (1.2.4)
      columnize (>= 0.3.1)
      debugger-linecache (~> 1.1.1)
      debugger-ruby_core_source (~> 1.1.7)
    debugger-linecache (1.1.2)
      debugger-ruby_core_source (>= 1.1.1)
    debugger-ruby_core_source (1.1.7)
    diff-lcs (1.1.3)
    require_all (1.2.1)
    rspec (2.12.0)
      rspec-core (~> 2.12.0)
      rspec-expectations (~> 2.12.0)
      rspec-mocks (~> 2.12.0)
    rspec-core (2.12.2)
    rspec-expectations (2.12.1)
      diff-lcs (~> 1.1.3)
    rspec-mocks (2.12.1)

PLATFORMS
  ruby

DEPENDENCIES
  debugger
  require_all (~> 1.2.1)
  rspec (~> 2.12.0)
