GEM
  remote: https://rubygems.org/
  specs:
    diff-lcs (1.1.3)
    require_all (1.2.1)
    rspec (2.12.0)
      rspec-core (~> 2.12.0)
      rspec-expectations (~> 2.12.0)
      rspec-mocks (~> 2.12.0)
    rspec-core (2.12.2)
    rspec-expectations (2.12.0)
      diff-lcs (~> 1.1.3)
    rspec-mocks (2.12.0)

PLATFORMS
  ruby

DEPENDENCIES
  require_all (~> 1.2.1)
  rspec (~> 2.12.0)
